GEM
  remote: http://rubygems.org/
  specs:
    json (1.8.0)
    rdoc (4.0.1)
      json (~> 1.4)

PLATFORMS
  ruby

DEPENDENCIES
  bundler
  rdoc
